NUGET
  remote: http://nuget.org/api/v2
  specs:
    CommonServiceLocator (1.3)
    FAKE (3.4.3)
    FluentNHibernate (1.4.0.0)
      NHibernate (>= 3.3.1.4000)
    Iesi.Collections (3.2.0.4000)
    Inflector (1.0.0.0)
    Machine.Fakes (2.4.0)
      Machine.Specifications (>= 0.8.3)
    Machine.Fakes.RhinoMocks (2.4.0)
      Machine.Fakes (2.4)
      RhinoMocks (>= 3.6.1)
    Machine.Specifications (0.8.3)
    Machine.Specifications.Should (0.7.2)
      Machine.Specifications (>= 0)
    NHibernate (3.3.1.4000)
      Iesi.Collections (>= 3.2.0.4000)
    Paket (0.2.5)
    Prism (5.0.0)
      Prism.Composition (>= 5.0)
      Prism.Interactivity (>= 5.0)
      Prism.PubSubEvents (>= 1.0)
      Prism.Mvvm (>= 1.0)
    Prism.Composition (5.0.0)
      CommonServiceLocator (>= 1.2)
    Prism.Interactivity (5.0.0)
    Prism.Mvvm (1.0.0)
    Prism.PubSubEvents (1.0.0)
    Prism.UnityExtensions (5.0.1)
      Unity (>= 3.5.1404.0)
      Prism (>= 5.0)
    RhinoMocks (3.6.1)
    System.Data.SQLite.Core (1.0.93.0)
    System.Windows.Interactivity.WPF (2.0.20525)
    Unity (3.5.1404.0)
      CommonServiceLocator (>= 1.2.0)
      CommonServiceLocator (>= 1.2.0)
    UnityAutoRegistration (1.0.0.2)
      Unity (>= 2.1.505.0)
    log4net (2.0.3)
