NUGET
  remote: http://nuget.org/api/v2
  specs:
    CommonServiceLocator (1.3)
    Expression.Blend.Sdk (1.0.2)
    FAKE (3.31.4)
    FluentNHibernate (1.4.0.0)
      NHibernate (>= 3.3.1.4000)
    Iesi.Collections (3.2.0.4000)
    Inflector (1.0.0.0)
    Machine.Fakes (2.6.0)
      Machine.Specifications (>= 0.9)
    Machine.Fakes.RhinoMocks (2.6.0)
      Machine.Fakes (2.6)
      RhinoMocks (>= 3.6.1)
    Machine.Specifications (0.9.1)
    Machine.Specifications.Should (0.7.2)
      Machine.Specifications (>= 0)
    NHibernate (3.3.1.4000)
      Iesi.Collections (>= 3.2.0.4000)
    Paket (1.4.13)
    Prism (5.0.0)
      Prism.Composition (>= 5.0)
      Prism.Interactivity (>= 5.0)
      Prism.PubSubEvents (>= 1.0)
      Prism.Mvvm (>= 1.0)
    Prism.Composition (5.0.0)
      CommonServiceLocator (>= 1.2)
    Prism.Interactivity (5.0.0)
    Prism.Mvvm (1.0.0)
    Prism.PubSubEvents (1.0.0)
    Prism.UnityExtensions (5.0.1)
      Unity (>= 3.5.1404.0)
      Prism (>= 5.0)
    RhinoMocks (3.6.1)
    System.Data.SQLite.Core (1.0.96.0)
    Unity (3.5.1404.0)
      CommonServiceLocator (>= 1.2.0)
      CommonServiceLocator (>= 1.2.0)
    UnityAutoRegistration (1.0.0.2)
      Unity (>= 2.1.505.0)
    WpfLocalizeExtension (2.3)
      XAMLMarkupExtensions (>= 1.2)
    XAMLMarkupExtensions (1.2)
    log4net (2.0.3)
